GEM
  remote: https://rubygems.org/
  specs:
    minitest (5.8.0)
    rake (10.4.2)
    sqlite3 (1.3.10)

PLATFORMS
  ruby

DEPENDENCIES
  minitest (~> 5.8.0)
  rake (~> 10.4.2)
  sqlite3 (~> 1.3.10)

BUNDLED WITH
   1.10.6
